GEM
  remote: https://rubygems.org/
  specs:
    chartkick (2.1.1)
    hashie (3.4.6)
    json (1.8.3)
    oauth (0.5.1)
    omniauth (1.3.1)
      hashie (>= 1.2, < 4)
      rack (>= 1.0, < 3)
    omniauth-oauth (1.1.0)
      oauth
      omniauth (~> 1.0)
    omniauth-twitter (1.2.1)
      json (~> 1.3)
      omniauth-oauth (~> 1.1)
    rack (1.6.4)
    rack-protection (1.5.3)
      rack
    sinatra (1.4.7)
      rack (~> 1.5)
      rack-protection (~> 1.4)
      tilt (>= 1.3, < 3)
    tilt (2.0.5)

PLATFORMS
  ruby

DEPENDENCIES
  chartkick
  json
  omniauth-twitter
  sinatra

RUBY VERSION
   ruby 2.3.0p0

BUNDLED WITH
   1.13.6
